PATH
  remote: .
  specs:
    plausible_api (0.4.2)

GEM
  remote: https://rubygems.org/
  specs:
    minitest (5.22.2)
    rake (13.1.0)

PLATFORMS
  ruby

DEPENDENCIES
  minitest (~> 5.22.2)
  plausible_api!
  rake (~> 13.1.0)

BUNDLED WITH
   2.5.6
