PATH
  remote: .
  specs:
    plausible_api (0.3)

GEM
  remote: https://rubygems.org/
  specs:
    minitest (5.14.4)
    rake (12.3.3)

PLATFORMS
  ruby

DEPENDENCIES
  minitest (~> 5.0)
  plausible_api!
  rake (~> 12.0)

BUNDLED WITH
   2.1.4
