PATH
  remote: .
  specs:
    plausible_api (0.1.1)
      faraday (~> 1.0)

GEM
  remote: https://rubygems.org/
  specs:
    faraday (1.3.0)
      faraday-net_http (~> 1.0)
      multipart-post (>= 1.2, < 3)
      ruby2_keywords
    faraday-net_http (1.0.1)
    minitest (5.14.3)
    multipart-post (2.1.1)
    rake (12.3.3)
    ruby2_keywords (0.0.4)

PLATFORMS
  ruby

DEPENDENCIES
  minitest (~> 5.0)
  plausible_api!
  rake (~> 12.0)

BUNDLED WITH
   2.1.4
